GEM
  remote: https://rubygems.org/
  specs:
    beefcake (1.1.0)
    cert_validator (0.0.1)
    ffi (1.9.10)
    i18n (0.7.0)
    innertube (1.0.2)
    multi_json (1.11.2)
    riak-client (2.3.2)
      beefcake (~> 1.1)
      cert_validator (~> 0.0.1)
      i18n (>= 0.6.8)
      innertube (~> 1.0.2)
      multi_json (~> 1.0)

PLATFORMS
  ruby

DEPENDENCIES
  ffi
  riak-client

BUNDLED WITH
   1.11.2
